PATH
  remote: .
  specs:
    sugarcube (3.3.4)

GEM
  remote: https://rubygems.org/
  specs:
    rake (10.4.2)

PLATFORMS
  ruby

DEPENDENCIES
  rake
  sugarcube!
